{
    "Modality": "MR",
    "MagneticFieldStrength": 3,
    "ImagingFrequency": 127.795,
    "Manufacturer": "Philips",
    "ManufacturersModelName": "Achieva",
    "InstitutionName": "UCI_Research_Center",
    "InstitutionalDepartmentName": "MRI",
    "DeviceSerialNumber": "17161",
    "StationName": "PHILIPS-CB29973",
    "BodyPartExamined": "BRAIN",
    "PatientPosition": "HFS",
    "SoftwareVersions": "3.2.3_3.2.3.1",
    "MRAcquisitionType": "3D",
    "SeriesDescription": "3D_Brain_View_FLAIR_SHC",
    "ProtocolName": "WIP_3D_Brain_View_FLAIR_SHC_SENSE",
    "ScanningSequence": "IR",
    "SequenceVariant": "SK",
    "ImageType": [
        "ORIGINAL",
        "PRIMARY",
        "M",
        "IR",
        "M",
        "IR"
    ],
    "SeriesNumber": 401,
    "AcquisitionTime": "07:35:41.590000",
    "AcquisitionNumber": 4,
    "PhilipsRescaleSlope": 9.38632,
    "PhilipsRescaleIntercept": 0,
    "PhilipsScaleSlope": 0.00016218,
    "UsePhilipsFloatNotDisplayScaling": 1,
    "SliceThickness": 2,
    "SpacingBetweenSlices": 1,
    "EchoTime": 0.258602,
    "RepetitionTime": 4.8,
    "InversionTime": 1.65,
    "FlipAngle": 90,
    "CoilString": "Dual_coil",
    "PercentPhaseFOV": 100,
    "EchoTrainLength": 182,
    "PhaseEncodingSteps": 224,
    "AcquisitionMatrixPE": 224,
    "ReconMatrixPE": 240,
    "PixelBandwidth": 1446.76,
    "ImageOrientationPatientDICOM": [
        0,
        1,
        0,
        0,
        0,
        -1
    ],
    "InPlanePhaseEncodingDirectionDICOM": "ROW",
    "ConversionSoftware": "dcm2niix",
    "ConversionSoftwareVersion": "v1.0.20181125  GCC5.3.1",
    "Dcm2bidsVersion": "2.1.4"
}