{
    "Modality": "MR",
    "MagneticFieldStrength": 3,
    "ImagingFrequency": 127.793,
    "Manufacturer": "Philips",
    "ManufacturersModelName": "Achieva",
    "InstitutionName": "UCI_Research_Center",
    "InstitutionalDepartmentName": "MRI",
    "DeviceSerialNumber": "17161",
    "StationName": "PHILIPS-CB29973",
    "BodyPartExamined": "BRAIN",
    "PatientPosition": "HFS",
    "SoftwareVersions": "3.2.3_3.2.3.1",
    "MRAcquisitionType": "2D",
    "SeriesDescription": "RestfMRI_3mm_iso",
    "ProtocolName": "WIP_RestfMRI_3mm_iso_SENSE",
    "ScanningSequence": "GR",
    "SequenceVariant": "SK",
    "ImageType": [
        "ORIGINAL",
        "PRIMARY",
        "M",
        "FFE",
        "M",
        "FFE"
    ],
    "SeriesNumber": 501,
    "AcquisitionTime": "20:43:19.730000",
    "AcquisitionNumber": 5,
    "PhilipsRescaleSlope": 3.44225,
    "PhilipsRescaleIntercept": 0,
    "PhilipsScaleSlope": 0.000843384,
    "UsePhilipsFloatNotDisplayScaling": 1,
    "SliceThickness": 3,
    "SpacingBetweenSlices": 3,
    "EchoTime": 0.020001,
    "RepetitionTime": 2,
    "FlipAngle": 71,
    "CoilString": "Dual_coil",
    "PartialFourier": 0.467742,
    "PercentPhaseFOV": 100,
    "EchoTrainLength": 29,
    "PhaseEncodingSteps": 62,
    "AcquisitionMatrixPE": 62,
    "ReconMatrixPE": 64,
    "PixelBandwidth": 3549.13,
    "PhaseEncodingAxis": "j",
    "ImageOrientationPatientDICOM": [
        1,
        0,
        0,
        0,
        1,
        0
    ],
    "InPlanePhaseEncodingDirectionDICOM": "COL",
    "ConversionSoftware": "dcm2niix",
    "ConversionSoftwareVersion": "v1.0.20181125  GCC5.3.1",
    "Dcm2bidsVersion": "2.1.4",
    "TaskName": "rest"
}